GEM
  remote: http://rubygems.org/
  specs:
    activesupport (6.1.7.1)
      concurrent-ruby (~> 1.0, >= 1.0.2)
      i18n (>= 1.6, < 2)
      minitest (>= 5.1)
      tzinfo (~> 2.0)
      zeitwerk (~> 2.3)
    concurrent-ruby (1.1.10)
    crack (0.1.8)
    fastercsv (1.5.4)
    haml (3.0.25)
    i18n (1.12.0)
      concurrent-ruby (~> 1.0)
    json (1.4.6)
    minitest (5.17.0)
    moneta (0.6.0)
    nokogiri (1.3.2)
    rack (1.2.1)
    registry (0.2.0)
    rest-client (1.0.3)
    simple-rss (1.2)
    sinatra (1.1.2)
      rack (~> 1.1)
      tilt (~> 1.2)
    smoke (0.5.20)
      crack (>= 0.1.1)
      fastercsv (>= 1.5.1)
      json (>= 1.1.3)
      moneta (= 0.6.0)
      nokogiri (= 1.3.2)
      registry (>= 0.1.2)
      rest-client (= 1.0.3)
      simple-rss (= 1.2)
    tilt (1.2.1)
    tzinfo (2.0.5)
      concurrent-ruby (~> 1.0)
    zeitwerk (2.6.6)

PLATFORMS
  ruby

DEPENDENCIES
  activesupport
  haml
  sinatra
  smoke
