GEM
  remote: http://rubygems.org/
  specs:
    activesupport (3.0.3)
    crack (0.1.8)
    fastercsv (1.5.4)
    haml (3.0.25)
    json (1.4.6)
    moneta (0.6.0)
    nokogiri (1.3.2)
    rack (1.6.13)
    registry (0.2.0)
    rest-client (1.0.3)
    simple-rss (1.2)
    sinatra (1.1.2)
      rack (~> 1.1)
      tilt (~> 1.2)
    smoke (0.5.20)
      crack (>= 0.1.1)
      fastercsv (>= 1.5.1)
      json (>= 1.1.3)
      moneta (= 0.6.0)
      nokogiri (= 1.3.2)
      registry (>= 0.1.2)
      rest-client (= 1.0.3)
      simple-rss (= 1.2)
    tilt (1.2.1)

PLATFORMS
  ruby

DEPENDENCIES
  activesupport
  haml
  sinatra
  smoke
