GEM
  remote: http://rubygems.org/
  specs:
    activesupport (3.0.3)
    crack (0.1.8)
    fastercsv (1.5.4)
    haml (3.0.25)
    json (1.4.6)
    moneta (0.6.0)
    mustermann (1.1.1)
      ruby2_keywords (~> 0.0.1)
    nokogiri (1.3.2)
    rack (2.2.3)
    rack-protection (2.2.0)
      rack
    registry (0.2.0)
    rest-client (1.0.3)
    ruby2_keywords (0.0.5)
    simple-rss (1.2)
    sinatra (2.2.0)
      mustermann (~> 1.0)
      rack (~> 2.2)
      rack-protection (= 2.2.0)
      tilt (~> 2.0)
    smoke (0.5.20)
      crack (>= 0.1.1)
      fastercsv (>= 1.5.1)
      json (>= 1.1.3)
      moneta (= 0.6.0)
      nokogiri (= 1.3.2)
      registry (>= 0.1.2)
      rest-client (= 1.0.3)
      simple-rss (= 1.2)
    tilt (2.0.10)

PLATFORMS
  ruby

DEPENDENCIES
  activesupport
  haml
  sinatra
  smoke
